GEM
  remote: https://rubygems.org/
  specs:
    benchmark-ips (2.1.1)
    cassandra-driver (1.1.1)
      ione (~> 1.2)
    ione (1.2.0)
    thor (0.19.1)

PLATFORMS
  ruby

DEPENDENCIES
  benchmark-ips
  cassandra-driver
  thor
