GEM
  remote: https://rubygems.org/
  specs:
    binding_of_caller (0.7.2)
      debug_inspector (>= 0.0.1)
    byebug (3.5.1)
      columnize (~> 0.8)
      debugger-linecache (~> 1.2)
      slop (~> 3.6)
    cassandra-driver (1.1.1)
      ione (~> 1.2)
    cassandra-driver (1.1.1-java)
      ione (~> 1.2)
    coderay (1.1.0)
    columnize (0.8.9)
    debug_inspector (0.0.2)
    debugger-linecache (1.2.0)
    ffi (1.9.6)
    ffi (1.9.6-java)
    interception (0.5)
    ione (1.2.0)
    jmx4r (0.1.4)
    method_source (0.8.2)
    pry (0.10.1)
      coderay (~> 1.1.0)
      method_source (~> 0.8.1)
      slop (~> 3.4)
    pry (0.10.1-java)
      coderay (~> 1.1.0)
      method_source (~> 0.8.1)
      slop (~> 3.4)
      spoon (~> 0.0)
    pry-byebug (2.0.0)
      byebug (~> 3.4)
      pry (~> 0.10)
    pry-rescue (1.4.1)
      interception (>= 0.5)
      pry
    pry-stack_explorer (0.4.9.1)
      binding_of_caller (>= 0.7)
      pry (>= 0.9.11)
    slop (3.6.0)
    spoon (0.0.4)
      ffi
    thor (0.19.1)

PLATFORMS
  java
  ruby

DEPENDENCIES
  cassandra-driver
  ffi
  jmx4r
  pry
  pry-byebug
  pry-rescue
  pry-stack_explorer
  thor

BUNDLED WITH
   1.10.3
